GIT
  remote: git://github.com/arunagw/omniauth-twitter.git
  revision: 6b5fad714f695342a092a578788eb1201fc998e7
  specs:
    omniauth-twitter (0.0.7)
      omniauth-oauth (~> 1.0)

GIT
  remote: git://github.com/benglerpebbles/pebblebed.git
  revision: 139f6e53a95a1911cd3e04160debb7000f814be6
  specs:
    pebblebed (0.0.5)
      activesupport
      curb
      deepstruct
      futurevalue
      i18n
      nokogiri
      pathbuilder
      queryparams
      yajl-ruby

GIT
  remote: git://github.com/benglerpebbles/petroglyph.git
  revision: da77e59f7dcfb53c43271b33bf55b06e8de6f753
  specs:
    petroglyph (0.0.1)
      tilt

GIT
  remote: git://github.com/intridea/omniauth-contrib.git
  revision: 027be2e65077eaa123992d64cff0190f634394e8
  specs:
    omniauth-contrib (1.0.0)
      multi_json
      omniauth (~> 1.0)
      omniauth-oauth (~> 1.0)

GIT
  remote: git://github.com/intridea/omniauth-oauth.git
  revision: 6e82c91a4f86886d80d2cc256156eca13f2a6309
  specs:
    omniauth-oauth (1.0.0)
      oauth
      omniauth (~> 1.0)

GIT
  remote: git://github.com/origo/bengler_test_helper.git
  revision: 388b8545455c4ef1c0c4ee1841c154041241c97f
  specs:
    bengler_test_helper (0.0.1)

GIT
  remote: git://github.com/origo/hupper.git
  revision: 4eb51c501d62be1d84e6cd845e4122e21c4b0b62
  specs:
    hupper (0.0.1)

GIT
  remote: git://github.com/origo/omniauth-origo.git
  revision: 1f90b684b9b5c30e24b3144d7878b53fa4116967
  specs:
    omniauth-origo (1.0.0.rc3)
      multi_json
      oauth
      omniauth (~> 1.0.0.rc2)
      omniauth-oauth2 (~> 1.0.0.rc2)

GIT
  remote: git://github.com/rack/rack.git
  revision: 247331ef1437267cdabc11d4d756a55d253b4eb7
  specs:
    rack (1.4.0)

GIT
  remote: git@github.com:origo/capistrano-bengler.git
  revision: 73949036418112360f860cb78fb3e57c0e6a82cd
  specs:
    capistrano-bengler (0.0.8)
      capistrano (>= 2.9)
      capistrano-ext (>= 1.2.1)

GEM
  remote: http://rubygems.org/
  specs:
    activemodel (3.1.3)
      activesupport (= 3.1.3)
      builder (~> 3.0.0)
      i18n (~> 0.6)
    activerecord (3.1.3)
      activemodel (= 3.1.3)
      activesupport (= 3.1.3)
      arel (~> 2.2.1)
      tzinfo (~> 0.3.29)
    activesupport (3.1.3)
      multi_json (~> 1.0)
    addressable (2.2.6)
    arel (2.2.1)
    builder (3.0.0)
    capistrano (2.9.0)
      highline
      net-scp (>= 1.0.0)
      net-sftp (>= 2.0.0)
      net-ssh (>= 2.0.14)
      net-ssh-gateway (>= 1.1.0)
    capistrano-ext (1.2.1)
      capistrano (>= 1.0.0)
    crack (0.3.1)
    curb (0.7.18)
    dalli (1.1.4)
    deepstruct (0.0.1)
    diff-lcs (1.1.3)
    faraday (0.7.5)
      addressable (~> 2.2.6)
      multipart-post (~> 1.1.3)
      rack (>= 1.1.0, < 2)
    futurevalue (0.0.2)
    hashie (1.2.0)
    highline (1.6.11)
    i18n (0.6.0)
    kgio (2.7.2)
    multi_json (1.0.4)
    multipart-post (1.1.4)
    net-scp (1.0.4)
      net-ssh (>= 1.99.1)
    net-sftp (2.0.5)
      net-ssh (>= 2.0.9)
    net-ssh (2.3.0)
    net-ssh-gateway (1.1.0)
      net-ssh (>= 1.99.1)
    nokogiri (1.5.0)
    oauth (0.4.5)
    oauth2 (0.5.2)
      faraday (~> 0.7)
      multi_json (~> 1.0)
    omniauth (1.0.2)
      hashie (~> 1.2)
      rack
    omniauth-facebook (1.2.0)
      omniauth-oauth2 (~> 1.0.0)
    omniauth-oauth2 (1.0.0)
      oauth2 (~> 0.5.0)
      omniauth (~> 1.0)
    pathbuilder (0.0.2)
    pg (0.12.2)
    queryparams (0.0.3)
    rack-contrib (1.1.0)
      rack (>= 0.9.1)
    rack-protection (1.2.0)
      rack
    rack-test (0.6.1)
      rack (>= 1.0)
    raindrops (0.8.0)
    rake (0.9.2.2)
    rspec (2.8.0)
      rspec-core (~> 2.8.0)
      rspec-expectations (~> 2.8.0)
      rspec-mocks (~> 2.8.0)
    rspec-core (2.8.0)
    rspec-expectations (2.8.0)
      diff-lcs (~> 1.1.2)
    rspec-mocks (2.8.0)
    simplecov (0.5.4)
      multi_json (~> 1.0.3)
      simplecov-html (~> 0.5.3)
    simplecov-html (0.5.3)
    sinatra (1.3.2)
      rack (~> 1.3, >= 1.3.6)
      rack-protection (~> 1.2)
      tilt (~> 1.3, >= 1.3.3)
    sinatra-activerecord (0.1.3)
      sinatra (>= 0.9.4)
    thor (0.14.6)
    tilt (1.3.3)
    timecop (0.3.5)
    tzinfo (0.3.31)
    unicorn (4.1.1)
      kgio (~> 2.4)
      rack
      raindrops (~> 0.6)
    vcr (1.11.3)
    webmock (1.7.10)
      addressable (~> 2.2, > 2.2.5)
      crack (>= 0.1.7)
    yajl-ruby (1.1.0)

PLATFORMS
  ruby

DEPENDENCIES
  activerecord
  activesupport
  bengler_test_helper!
  capistrano (~> 2.9.0)
  capistrano-bengler!
  dalli
  hupper!
  omniauth (~> 1.0.2)
  omniauth-contrib (~> 1.0.0)!
  omniauth-facebook (~> 1.2.0)
  omniauth-oauth (~> 1.0.0)!
  omniauth-origo (~> 1.0.0.rc3)!
  omniauth-twitter!
  pebblebed!
  petroglyph!
  pg
  rack (~> 1.4)!
  rack-contrib
  rack-test
  rake
  rspec (~> 2.8)
  simplecov
  sinatra
  sinatra-activerecord
  thor
  timecop
  unicorn (~> 4.1.1)
  vcr
  webmock
  yajl-ruby
