GIT
  remote: https://github.com/bengler/omniauth-aid.git
  revision: 18f237eb71ad3670f04741ddcd22bfd220fe216c
  specs:
    omniauth-aid (2.0.6)
      omniauth-oauth2 (>= 1.3.1)

GIT
  remote: https://github.com/bengler/omniauth-vanilla.git
  revision: d4e0eeab050cfb52c2a0e4457e82aee50189a81e
  branch: omniauth1.2
  specs:
    omniauth-vanilla (0.0.9)
      multi_json
      omniauth-oauth2 (~> 1.2)

GIT
  remote: https://github.com/bengler/pebbles-cors.git
  revision: 9bf8ca58e2a7138da0e602f1d57c33202367f854
  specs:
    pebbles-cors (0.2.5)
      dalli
      pebblebed
      rack

GEM
  remote: https://rubygems.org/
  specs:
    absolute_time (1.0.0)
    activemodel (4.2.7.1)
      activesupport (= 4.2.7.1)
      builder (~> 3.1)
    activerecord (4.2.7.1)
      activemodel (= 4.2.7.1)
      activesupport (= 4.2.7.1)
      arel (~> 6.0)
    activesupport (4.2.7.1)
      i18n (~> 0.7)
      json (~> 1.7, >= 1.7.7)
      minitest (~> 5.1)
      thread_safe (~> 0.3, >= 0.3.4)
      tzinfo (~> 1.1)
    addressable (2.3.8)
    airbrake (3.1.17)
      builder
      multi_json
    amq-protocol (2.3.0)
    ar-tsvectors (1.0.0)
      activerecord (>= 3.0)
    arel (6.0.4)
    backports (3.12.0)
    builder (3.2.3)
    bunny (2.14.1)
      amq-protocol (~> 2.3, >= 2.3.0)
    concurrent-ruby (1.1.4)
    crack (0.4.3)
      safe_yaml (~> 1.0.0)
    curb (0.9.9)
    dalli (2.1.0)
    deepstruct (0.0.7)
    diff-lcs (1.3)
    docile (1.1.5)
    domain_name (0.5.20180417)
      unf (>= 0.0.5, < 1.0.0)
    evernote-thrift (1.25.2)
    faraday (0.15.4)
      multipart-post (>= 1.2, < 3)
    futurevalue (0.0.2)
    git-version-bump (0.15.1)
    hashie (3.5.7)
    http-cookie (1.0.3)
      domain_name (~> 0.5)
    i18n (0.9.5)
      concurrent-ruby (~> 1.0)
    json (1.8.6)
    jwt (2.1.0)
    kgio (2.11.2)
    memcache_mock (0.0.14)
    mime-types (2.99.3)
    mini_portile2 (2.4.0)
    minitest (5.11.3)
    multi_json (1.13.1)
    multi_xml (0.6.0)
    multipart-post (2.0.0)
    netrc (0.11.0)
    nokogiri (1.10.1)
      mini_portile2 (~> 2.4.0)
    oauth (0.5.4)
    oauth2 (1.4.1)
      faraday (>= 0.8, < 0.16.0)
      jwt (>= 1.0, < 3.0)
      multi_json (~> 1.3)
      multi_xml (~> 0.5)
      rack (>= 1.2, < 3)
    omniauth (1.7.1)
      hashie (>= 3.4.6, < 3.6.0)
      rack (>= 1.6.2, < 3)
    omniauth-evernote (1.2.1)
      evernote-thrift
      multi_json (~> 1.0)
      omniauth-oauth (~> 1.0)
    omniauth-facebook (4.0.0)
      omniauth-oauth2 (~> 1.2)
    omniauth-google-oauth2 (0.6.0)
      jwt (>= 2.0)
      omniauth (>= 1.1.1)
      omniauth-oauth2 (>= 1.5)
    omniauth-oauth (1.1.0)
      oauth
      omniauth (~> 1.0)
    omniauth-oauth2 (1.5.0)
      oauth2 (~> 1.1)
      omniauth (~> 1.2)
    omniauth-origo (1.2.0)
      multi_json
      omniauth-oauth2 (~> 1.2)
    omniauth-twitter (1.2.1)
      json (~> 1.3)
      omniauth-oauth (~> 1.1)
    pathbuilder (0.0.2)
    pebblebed (0.3.26)
      absolute_time
      activesupport
      bunny
      curb (>= 0.8.8)
      deepstruct (>= 0.0.4)
      futurevalue
      nokogiri
      pathbuilder
      queryparams
      yajl-ruby
    pebbles-path (0.0.3)
      pebbles-uid (>= 0.0.6)
    pebbles-uid (0.0.22)
    petroglyph (0.0.7)
      tilt
    pg (0.21.0)
    queryparams (0.0.3)
    rack (1.6.11)
    rack-contrib (1.4.0)
      git-version-bump (~> 0.15)
      rack (~> 1.4)
    rack-protection (1.5.5)
      rack
    rack-test (0.6.3)
      rack (>= 1.0)
    rails-observers (0.1.5)
      activemodel (>= 4.0)
    raindrops (0.19.0)
    rake (10.4.2)
    rest-client (1.8.0)
      http-cookie (>= 1.0.2, < 2.0)
      mime-types (>= 1.16, < 3.0)
      netrc (~> 0.7)
    rspec (2.99.0)
      rspec-core (~> 2.99.0)
      rspec-expectations (~> 2.99.0)
      rspec-mocks (~> 2.99.0)
    rspec-core (2.99.2)
    rspec-expectations (2.99.2)
      diff-lcs (>= 1.1.3, < 2.0)
    rspec-mocks (2.99.4)
    safe_yaml (1.0.5)
    simplecov (0.10.0)
      docile (~> 1.1.0)
      json (~> 1.8)
      simplecov-html (~> 0.10.0)
    simplecov-html (0.10.2)
    simpleidn (0.0.9)
    sinatra (1.4.8)
      rack (~> 1.5)
      rack-protection (~> 1.4)
      tilt (>= 1.3, < 3)
    sinatra-activerecord (2.0.13)
      activerecord (>= 3.2)
      sinatra (>= 1.0)
    sinatra-contrib (1.4.7)
      backports (>= 2.0)
      multi_json
      rack-protection
      rack-test
      sinatra (~> 1.4.0)
      tilt (>= 1.3, < 3)
    thor (0.19.4)
    thread_safe (0.3.6)
    tilt (2.0.9)
    timecop (0.3.5)
    tzinfo (1.2.5)
      thread_safe (~> 0.1)
    unf (0.1.4)
      unf_ext
    unf_ext (0.0.7.5)
    unicorn (4.9.0)
      kgio (~> 2.6)
      rack
      raindrops (~> 0.7)
    vcr (2.9.3)
    webmock (1.8.11)
      addressable (>= 2.2.7)
      crack (>= 0.1.7)
    yajl-ruby (1.3.1)

PLATFORMS
  ruby

DEPENDENCIES
  activerecord (~> 4.2.7.1)
  activesupport (~> 4.2.5)
  addressable (~> 2.3.8)
  airbrake (~> 3.1.4)
  ar-tsvectors (~> 1.0)
  curb (>= 0.8.8)
  dalli (~> 2.1.0)
  memcache_mock (~> 0.0.14)
  omniauth (~> 1.7.1)
  omniauth-aid!
  omniauth-evernote (~> 1.2.1)
  omniauth-facebook (~> 4.0.0)
  omniauth-google-oauth2 (~> 0.6.0)
  omniauth-oauth (~> 1.1.0)
  omniauth-oauth2 (~> 1.5.0)
  omniauth-origo (~> 1.2.0)
  omniauth-twitter (~> 1.2.1)
  omniauth-vanilla!
  pebblebed (~> 0.3.26)
  pebbles-cors!
  pebbles-path (>= 0.0.3)
  pebbles-uid (~> 0.0.22)
  petroglyph (~> 0.0.7)
  pg (~> 0.17)
  queryparams (~> 0.0.3)
  rack-contrib (~> 1.4.0)
  rack-protection (~> 1.5.3)
  rack-test (~> 0.6.3)
  rails-observers (~> 0.1)
  rake (~> 10.4.2)
  rest-client (~> 1.8.0)
  rspec (~> 2.8)
  simplecov (~> 0.10.0)
  simpleidn (~> 0.0.4)
  sinatra (~> 1.4.6)
  sinatra-activerecord (~> 2.0)
  sinatra-contrib (~> 1.4.6)
  thor (~> 0.19.1)
  timecop (~> 0.3.5)
  unicorn (~> 4.9.0)
  vcr (~> 2.9.3)
  webmock (~> 1.8.11)
  yajl-ruby (= 1.3.1)

BUNDLED WITH
   1.17.2
