GIT
  remote: git://github.com/arunagw/omniauth-twitter.git
  revision: 8981505ae182ef1c66a1f46f751ab2b26cdd14de
  specs:
    omniauth-twitter (0.0.16)
      multi_json (~> 1.3)
      omniauth-oauth (~> 1.0)

GIT
  remote: git://github.com/bengler/bengler_test_helper.git
  revision: e7c857bfcb5c983390c7736d064824c7fc82b272
  specs:
    bengler_test_helper (0.0.4)

GIT
  remote: git://github.com/bengler/omniauth-origo.git
  revision: 0302d7eb382060d6ddb2a8a528ca2fe203e72464
  specs:
    omniauth-origo (1.0.0)
      multi_json
      oauth
      omniauth (>= 1.0.0)
      omniauth-oauth2 (>= 1.0.0)

GIT
  remote: git://github.com/bengler/omniauth-vanilla.git
  revision: 2ebd40063eb0d6766cb11f55ba01ce101182a47e
  specs:
    omniauth-vanilla (0.0.8)
      multi_json
      oauth
      omniauth (>= 1.0.0)
      omniauth-oauth2 (>= 1.0.0)

GIT
  remote: git://github.com/bengler/pebbles-cors.git
  revision: 0a92598d9889ca1bdd6ff4be1e54c78f94c23116
  specs:
    pebbles-cors (0.0.1)
      dalli
      pebblebed
      rack

GIT
  remote: git://github.com/intridea/omniauth-contrib.git
  revision: 027be2e65077eaa123992d64cff0190f634394e8
  specs:
    omniauth-contrib (1.0.0)
      multi_json
      omniauth (~> 1.0)
      omniauth-oauth (~> 1.0)

GIT
  remote: git://github.com/intridea/omniauth-oauth.git
  revision: 43008e42b257d9b7c0b98122cf03ce14b021d782
  specs:
    omniauth-oauth (1.0.1)
      oauth
      omniauth (~> 1.0)

GIT
  remote: git://github.com/intridea/omniauth-oauth2.git
  revision: d6409bb14337675e22c50f3c76b5d7f672a631a3
  specs:
    omniauth-oauth2 (1.1.1)
      oauth2 (~> 0.9.0)
      omniauth (~> 1.0)

GEM
  remote: https://rubygems.org/
  specs:
    activemodel (3.2.12)
      activesupport (= 3.2.12)
      builder (~> 3.0.0)
    activerecord (3.2.12)
      activemodel (= 3.2.12)
      activesupport (= 3.2.12)
      arel (~> 3.0.2)
      tzinfo (~> 0.3.29)
    activesupport (3.2.12)
      i18n (~> 0.6)
      multi_json (~> 1.0)
    addressable (2.3.2)
    airbrake (3.1.4)
      builder
      girl_friday
    ar-tsvectors (1.0.0)
      activerecord (>= 3.0)
    arel (3.0.2)
    builder (3.0.4)
    bunny (0.8.0)
    connection_pool (0.9.2)
    crack (0.3.1)
    curb (0.8.4)
    dalli (2.1.0)
    deepstruct (0.0.5)
    diff-lcs (1.1.3)
    evernote-thrift (1.24.0)
    faraday (0.8.7)
      multipart-post (~> 1.1)
    futurevalue (0.0.2)
    girl_friday (0.10.0)
      connection_pool (~> 0.9.0)
    hashie (2.0.5)
    httpauth (0.2.0)
    i18n (0.6.4)
    jwt (0.1.8)
      multi_json (>= 1.5)
    kgio (2.7.3)
    memcache_mock (0.0.11)
    mime-types (1.17.2)
    mini_portile (0.5.0)
    multi_json (1.7.7)
    multi_xml (0.5.3)
    multipart-post (1.2.0)
    nokogiri (1.6.0)
      mini_portile (~> 0.5.0)
    oauth (0.4.7)
    oauth2 (0.9.1)
      faraday (~> 0.8)
      httpauth (~> 0.1)
      jwt (~> 0.1.4)
      multi_json (~> 1.0)
      multi_xml (~> 0.5)
      rack (~> 1.2)
    omniauth (1.1.4)
      hashie (>= 1.2, < 3)
      rack
    omniauth-evernote (1.2.0)
      evernote-thrift
      multi_json (~> 1.0)
      omniauth-oauth (~> 1.0)
    omniauth-facebook (1.4.1)
      omniauth-oauth2 (~> 1.1.0)
    omniauth-google-oauth2 (0.1.10)
      omniauth (~> 1.0)
      omniauth-oauth2
    pathbuilder (0.0.2)
    pebblebed (0.1.1)
      activesupport
      bunny
      curb (>= 0.7.14)
      deepstruct (>= 0.0.4)
      futurevalue
      i18n
      nokogiri
      pathbuilder
      queryparams
      yajl-ruby
    pebbles-path (0.0.3)
      pebbles-uid (>= 0.0.6)
    pebbles-uid (0.0.9)
    petroglyph (0.0.6)
      tilt
    pg (0.13.2)
    queryparams (0.0.3)
    rack (1.5.2)
    rack-contrib (1.1.0)
      rack (>= 0.9.1)
    rack-protection (1.3.2)
      rack
    rack-test (0.6.1)
      rack (>= 1.0)
    raindrops (0.8.0)
    rake (0.9.2.2)
    rest-client (1.6.7)
      mime-types (>= 1.16)
    rspec (2.9.0)
      rspec-core (~> 2.9.0)
      rspec-expectations (~> 2.9.0)
      rspec-mocks (~> 2.9.0)
    rspec-core (2.9.0)
    rspec-expectations (2.9.0)
      diff-lcs (~> 1.1.3)
    rspec-mocks (2.9.0)
    simplecov (0.6.1)
      multi_json (~> 1.0)
      simplecov-html (~> 0.5.3)
    simplecov-html (0.5.3)
    simpleidn (0.0.4)
    sinatra (1.3.4)
      rack (~> 1.4)
      rack-protection (~> 1.3)
      tilt (~> 1.3, >= 1.3.3)
    sinatra-activerecord (0.1.3)
      sinatra (>= 0.9.4)
    thor (0.16.0)
    tilt (1.3.3)
    timecop (0.3.5)
    tzinfo (0.3.37)
    unicorn (4.1.1)
      kgio (~> 2.4)
      rack
      raindrops (~> 0.6)
    vcr (2.3.0)
    webmock (1.8.11)
      addressable (>= 2.2.7)
      crack (>= 0.1.7)
    yajl-ruby (1.1.0)

PLATFORMS
  ruby

DEPENDENCIES
  activerecord (~> 3.2)
  activesupport (~> 3.2)
  airbrake (~> 3.1.4)
  ar-tsvectors (~> 1.0)
  bengler_test_helper!
  curb (>= 0.7.14)
  dalli (~> 2.1.0)
  memcache_mock
  omniauth (~> 1.1.4)
  omniauth-contrib (~> 1.0.0)!
  omniauth-evernote
  omniauth-facebook (~> 1.4.1)
  omniauth-google-oauth2 (~> 0.1.10)
  omniauth-oauth (~> 1.0.1)!
  omniauth-oauth2 (~> 1.1.0)!
  omniauth-origo (~> 1.0.0.rc3)!
  omniauth-twitter!
  omniauth-vanilla!
  pebblebed (>= 0.1.0)
  pebbles-cors!
  pebbles-path (>= 0.0.3)
  pebbles-uid
  petroglyph
  pg
  queryparams
  rack-contrib
  rack-test
  rake
  rest-client
  rspec (~> 2.8)
  simplecov
  simpleidn (~> 0.0.4)
  sinatra
  sinatra-activerecord
  thor
  timecop (~> 0.3.5)
  unicorn (~> 4.1.1)
  vcr
  webmock (~> 1.8.11)
  yajl-ruby
