GIT
  remote: git@github.com:origo/bengler_test_helper.git
  revision: 0e16fdd97fa48133fc0dfc197d1f4d8f124b1c4f
  specs:
    bengler_test_helper (0.0.1)

GIT
  remote: git@github.com:origo/hupper.git
  revision: 4eb51c501d62be1d84e6cd845e4122e21c4b0b62
  specs:
    hupper (0.0.1)

GIT
  remote: https://github.com/arunagw/omniauth-twitter.git
  revision: ffd1e43c778234a1aa6b88ea945046e7ee82c615
  specs:
    omniauth-twitter (0.0.6)
      omniauth-oauth (~> 1.0)

GIT
  remote: https://github.com/intridea/omniauth-contrib.git
  revision: 027be2e65077eaa123992d64cff0190f634394e8
  specs:
    omniauth-contrib (1.0.0)
      multi_json
      omniauth (~> 1.0)
      omniauth-oauth (~> 1.0)

GIT
  remote: https://github.com/intridea/omniauth-oauth.git
  revision: c2ae5bf5122bc9c4704d799c65e5c6bf2f4bead7
  specs:
    omniauth-oauth (1.0.0)
      oauth
      omniauth (~> 1.0)

GIT
  remote: https://github.com/mkdynamic/omniauth-facebook.git
  revision: ae23a8768c7db6bf2a0a21d404c034d29deef028
  specs:
    omniauth-facebook (1.0.0)
      omniauth-oauth2 (~> 1.0.0)

GIT
  remote: https://github.com/origo/omniauth-origo.git
  revision: 06aa9b595b84c66814337f4ff7528cdc2268fc6f
  specs:
    omniauth-origo (1.0.0.rc2)
      multi_json
      oauth
      omniauth (~> 1.0.0.rc2)
      omniauth-oauth (~> 1.0.0.rc2)

GEM
  remote: http://rubygems.org/
  specs:
    activemodel (3.1.3)
      activesupport (= 3.1.3)
      builder (~> 3.0.0)
      i18n (~> 0.6)
    activerecord (3.1.3)
      activemodel (= 3.1.3)
      activesupport (= 3.1.3)
      arel (~> 2.2.1)
      tzinfo (~> 0.3.29)
    activesupport (3.1.3)
      multi_json (~> 1.0)
    addressable (2.2.6)
    arel (2.2.1)
    builder (3.0.0)
    capistrano (2.5.19)
      highline
      net-scp (>= 1.0.0)
      net-sftp (>= 2.0.0)
      net-ssh (>= 2.0.14)
      net-ssh-gateway (>= 1.0.0)
    capistrano-ext (1.2.1)
      capistrano (>= 1.0.0)
    crack (0.3.1)
    dalli (1.1.3)
    diff-lcs (1.1.3)
    faraday (0.7.5)
      addressable (~> 2.2.6)
      multipart-post (~> 1.1.3)
      rack (>= 1.1.0, < 2)
    hashie (1.2.0)
    highline (1.6.8)
    i18n (0.6.0)
    kgio (2.6.0)
    mock_redis (0.2.0)
    multi_json (1.0.3)
    multipart-post (1.1.3)
    net-scp (1.0.4)
      net-ssh (>= 1.99.1)
    net-sftp (2.0.5)
      net-ssh (>= 2.0.9)
    net-ssh (2.2.1)
    net-ssh-gateway (1.1.0)
      net-ssh (>= 1.99.1)
    oauth (0.4.5)
    oauth2 (0.5.1)
      faraday (~> 0.7.4)
      multi_json (~> 1.0.3)
    omniauth (1.0.0)
      hashie (~> 1.2)
      rack
    omniauth-oauth2 (1.0.0)
      oauth2 (~> 0.5.0)
      omniauth (~> 1.0)
    pg (0.11.0)
    rabl (0.5.1)
      activesupport (>= 2.3.14)
      multi_json (~> 1.0.3)
    rack (1.3.5)
    rack-protection (1.1.4)
      rack
    rack-test (0.6.1)
      rack (>= 1.0)
    raindrops (0.8.0)
    rake (0.9.2.2)
    rspec (2.7.0)
      rspec-core (~> 2.7.0)
      rspec-expectations (~> 2.7.0)
      rspec-mocks (~> 2.7.0)
    rspec-core (2.7.1)
    rspec-expectations (2.7.0)
      diff-lcs (~> 1.1.2)
    rspec-extra-formatters (0.3)
    rspec-mocks (2.7.0)
    simplecov (0.5.4)
      multi_json (~> 1.0.3)
      simplecov-html (~> 0.5.3)
    simplecov-html (0.5.3)
    sinatra (1.3.1)
      rack (~> 1.3, >= 1.3.4)
      rack-protection (~> 1.1, >= 1.1.2)
      tilt (~> 1.3, >= 1.3.3)
    sinatra-activerecord (0.1.3)
      sinatra (>= 0.9.4)
    thor (0.14.6)
    tilt (1.3.3)
    timecop (0.3.5)
    tzinfo (0.3.31)
    unicorn (4.1.1)
      kgio (~> 2.4)
      rack
      raindrops (~> 0.6)
    vcr (1.11.3)
    webmock (1.7.8)
      addressable (~> 2.2, > 2.2.5)
      crack (>= 0.1.7)
    yajl-ruby (1.1.0)

PLATFORMS
  ruby

DEPENDENCIES
  activerecord
  activesupport
  bengler_test_helper!
  capistrano (= 2.5.19)
  capistrano-ext (= 1.2.1)
  dalli
  hupper!
  mock_redis
  omniauth (~> 1.0.0.rc2)
  omniauth-contrib (~> 1.0.0.rc2)!
  omniauth-facebook (~> 1.0.0.rc1)!
  omniauth-oauth (~> 1.0.0.rc2)!
  omniauth-origo (~> 1.0.0.rc2)!
  omniauth-twitter!
  pg
  rabl
  rack-test
  rake
  rspec (~> 2.7.0.rc1)
  rspec-extra-formatters
  simplecov
  sinatra
  sinatra-activerecord
  thor
  timecop
  unicorn (~> 4.1.1)
  vcr
  webmock
  yajl-ruby
