GIT
  remote: git://github.com/amedia/amedia-properties-ruby.git
  revision: 7d25feb9f99e54a9e590ae5f968f99a5a70f88ee
  specs:
    amedia-properties (0.0.2)

GIT
  remote: git://github.com/amedia/hanuman-client-ruby.git
  revision: 341c8cb71f7e9ff80a17ec84ed07243dca71ce4b
  specs:
    hanuman-client (0.0.4)
      checkpoint-strategy (~> 0.0.1)
      savon (~> 2.3)

GIT
  remote: git://github.com/arunagw/omniauth-twitter.git
  revision: df57b8b8d35f6d7ac9c24256413764bad3f160dd
  specs:
    omniauth-twitter (1.0.1)
      multi_json (~> 1.3)
      omniauth-oauth (~> 1.0)

GIT
  remote: git://github.com/bengler/bengler_test_helper.git
  revision: c8e61a9247c07c2edeeb99718dfcd9f8d6e75722
  specs:
    bengler_test_helper (0.0.5)

GIT
  remote: git://github.com/bengler/checkpoint-strategy.git
  revision: e19bde6e78b65e69705ec4920ef8f3ce88fe1dc8
  specs:
    checkpoint-strategy (0.0.1)

GIT
  remote: git://github.com/bengler/omniauth-origo.git
  revision: 2a095369138892ed2519b23399f28a7a593824d1
  specs:
    omniauth-origo (1.0.0)
      multi_json
      oauth
      omniauth (>= 1.0.0)
      omniauth-oauth2 (>= 1.0.0)

GIT
  remote: git://github.com/bengler/omniauth-vanilla.git
  revision: 2ebd40063eb0d6766cb11f55ba01ce101182a47e
  specs:
    omniauth-vanilla (0.0.8)
      multi_json
      oauth
      omniauth (>= 1.0.0)
      omniauth-oauth2 (>= 1.0.0)

GIT
  remote: git://github.com/bengler/pebbles-cors.git
  revision: f54656f482b1229bfe11da4c7e0f97421d92c2ab
  specs:
    pebbles-cors (0.1.0)
      dalli
      pebblebed
      rack

GIT
  remote: git://github.com/intridea/omniauth-contrib.git
  revision: 027be2e65077eaa123992d64cff0190f634394e8
  specs:
    omniauth-contrib (1.0.0)
      multi_json
      omniauth (~> 1.0)
      omniauth-oauth (~> 1.0)

GIT
  remote: git://github.com/intridea/omniauth-oauth.git
  revision: 43008e42b257d9b7c0b98122cf03ce14b021d782
  specs:
    omniauth-oauth (1.0.1)
      oauth
      omniauth (~> 1.0)

GIT
  remote: git://github.com/intridea/omniauth-oauth2.git
  revision: 8a7a97ecbdb71c04b96bfa47dbc465d5d931f694
  specs:
    omniauth-oauth2 (1.1.1)
      oauth2 (~> 0.9.0)
      omniauth (~> 1.0)

GEM
  remote: https://rubygems.org/
  specs:
    activemodel (3.2.15)
      activesupport (= 3.2.15)
      builder (~> 3.0.0)
    activerecord (3.2.15)
      activemodel (= 3.2.15)
      activesupport (= 3.2.15)
      arel (~> 3.0.2)
      tzinfo (~> 0.3.29)
    activesupport (3.2.15)
      i18n (~> 0.6, >= 0.6.4)
      multi_json (~> 1.0)
    addressable (2.3.5)
    airbrake (3.1.14)
      builder
      json
    akami (1.2.0)
      gyoku (>= 0.4.0)
      nokogiri (>= 1.4.0)
    ar-tsvectors (1.0.0)
      activerecord (>= 3.0)
    arel (3.0.2)
    backports (3.3.4)
    builder (3.0.4)
    bunny (0.8.0)
    crack (0.4.1)
      safe_yaml (~> 0.9.0)
    curb (0.8.5)
    dalli (2.1.0)
    deepstruct (0.0.5)
    diff-lcs (1.2.4)
    evernote-thrift (1.25.0)
    faraday (0.8.8)
      multipart-post (~> 1.2.0)
    futurevalue (0.0.2)
    gyoku (1.1.0)
      builder (>= 2.1.2)
    hashie (2.0.5)
    httpauth (0.2.0)
    httpi (2.1.0)
      rack
      rubyntlm (~> 0.3.2)
    i18n (0.6.5)
    json (1.8.1)
    jwt (0.1.8)
      multi_json (>= 1.5)
    kgio (2.8.1)
    memcache_mock (0.0.13)
    mime-types (1.25)
    multi_json (1.8.2)
    multi_xml (0.5.5)
    multipart-post (1.2.0)
    nokogiri (1.5.10)
    nori (2.3.0)
    oauth (0.4.7)
    oauth2 (0.9.2)
      faraday (~> 0.8)
      httpauth (~> 0.2)
      jwt (~> 0.1.4)
      multi_json (~> 1.0)
      multi_xml (~> 0.5)
      rack (~> 1.2)
    omniauth (1.1.4)
      hashie (>= 1.2, < 3)
      rack
    omniauth-evernote (1.2.0)
      evernote-thrift
      multi_json (~> 1.0)
      omniauth-oauth (~> 1.0)
    omniauth-facebook (1.4.1)
      omniauth-oauth2 (~> 1.1.0)
    omniauth-google-oauth2 (0.1.19)
      omniauth (~> 1.0)
      omniauth-oauth2
    pathbuilder (0.0.2)
    pebblebed (0.1.3)
      activesupport
      bunny (~> 0.8.0)
      curb (>= 0.8.4)
      deepstruct (>= 0.0.4)
      futurevalue
      i18n
      nokogiri
      pathbuilder
      queryparams
      yajl-ruby
    pebbles-path (0.0.3)
      pebbles-uid (>= 0.0.6)
    pebbles-uid (0.0.16)
    petroglyph (0.0.7)
      tilt
    pg (0.17.0)
    queryparams (0.0.3)
    rack (1.5.2)
    rack-contrib (1.1.0)
      rack (>= 0.9.1)
    rack-protection (1.5.1)
      rack
    rack-test (0.6.2)
      rack (>= 1.0)
    raindrops (0.12.0)
    rake (10.1.0)
    rest-client (1.6.7)
      mime-types (>= 1.16)
    rspec (2.14.1)
      rspec-core (~> 2.14.0)
      rspec-expectations (~> 2.14.0)
      rspec-mocks (~> 2.14.0)
    rspec-core (2.14.6)
    rspec-expectations (2.14.3)
      diff-lcs (>= 1.1.3, < 2.0)
    rspec-mocks (2.14.4)
    rubyntlm (0.3.4)
    safe_yaml (0.9.7)
    savon (2.3.0)
      akami (~> 1.2.0)
      builder (>= 2.1.2)
      gyoku (~> 1.1.0)
      httpi (~> 2.1.0)
      nokogiri (>= 1.4.0, < 1.6)
      nori (~> 2.3.0)
      wasabi (~> 3.2.0)
    simplecov (0.7.1)
      multi_json (~> 1.0)
      simplecov-html (~> 0.7.1)
    simplecov-html (0.7.1)
    simpleidn (0.0.4)
    sinatra (1.4.4)
      rack (~> 1.4)
      rack-protection (~> 1.4)
      tilt (~> 1.3, >= 1.3.4)
    sinatra-activerecord (1.2.3)
      activerecord (>= 3.0)
      sinatra (~> 1.0)
    sinatra-contrib (1.4.1)
      backports (>= 2.0)
      multi_json
      rack-protection
      rack-test
      sinatra (~> 1.4.0)
      tilt (~> 1.3)
    thor (0.18.1)
    tilt (1.4.1)
    timecop (0.3.5)
    tzinfo (0.3.38)
    unicorn (4.1.1)
      kgio (~> 2.4)
      rack
      raindrops (~> 0.6)
    vcr (2.6.0)
    wasabi (3.2.0)
      httpi (~> 2.0)
      nokogiri (>= 1.4.0, < 1.6)
    webmock (1.8.11)
      addressable (>= 2.2.7)
      crack (>= 0.1.7)
    yajl-ruby (1.1.0)

PLATFORMS
  ruby

DEPENDENCIES
  activerecord (~> 3.2)
  activesupport (~> 3.2)
  airbrake (~> 3.1.4)
  amedia-properties!
  ar-tsvectors (~> 1.0)
  bengler_test_helper!
  checkpoint-strategy!
  curb (>= 0.7.14)
  dalli (~> 2.1.0)
  hanuman-client!
  memcache_mock
  omniauth (~> 1.1.4)
  omniauth-contrib (~> 1.0.0)!
  omniauth-evernote
  omniauth-facebook (~> 1.4.1)
  omniauth-google-oauth2 (~> 0.1.10)
  omniauth-oauth (~> 1.0.1)!
  omniauth-oauth2 (~> 1.1.0)!
  omniauth-origo (~> 1.0.0.rc3)!
  omniauth-twitter!
  omniauth-vanilla!
  pebblebed (>= 0.1.0)
  pebbles-cors!
  pebbles-path (>= 0.0.3)
  pebbles-uid
  petroglyph
  pg
  queryparams
  rack-contrib
  rack-test
  rake
  rest-client
  rspec (~> 2.8)
  simplecov
  simpleidn (~> 0.0.4)
  sinatra
  sinatra-activerecord
  sinatra-contrib
  thor
  timecop (~> 0.3.5)
  unicorn (~> 4.1.1)
  vcr
  webmock (~> 1.8.11)
  yajl-ruby
