GIT
  remote: git://github.com/arunagw/omniauth-twitter.git
  revision: 3d0ee54a7bfc843602ad195e47695b1e22f8cbec
  specs:
    omniauth-twitter (0.0.8)
      omniauth-oauth (~> 1.0)

GIT
  remote: git://github.com/benglerpebbles/pebblebed.git
  revision: 2debe5940bd7e28a5bde1d191b7cba9bb34d3758
  specs:
    pebblebed (0.0.14)
      activesupport
      curb (~> 0.8.0)
      deepstruct
      futurevalue
      i18n
      nokogiri
      pathbuilder
      queryparams
      yajl-ruby

GIT
  remote: git://github.com/intridea/omniauth-contrib.git
  revision: 027be2e65077eaa123992d64cff0190f634394e8
  specs:
    omniauth-contrib (1.0.0)
      multi_json
      omniauth (~> 1.0)
      omniauth-oauth (~> 1.0)

GIT
  remote: git://github.com/intridea/omniauth-oauth.git
  revision: 5634d4e001ba8f1b0959044cbcfd4b0ff63b70fc
  specs:
    omniauth-oauth (1.0.1)
      oauth
      omniauth (~> 1.0)

GIT
  remote: git://github.com/origo/bengler_test_helper.git
  revision: 25c9cdd45795c530ad8e82d325e7c6d28b5cb37c
  specs:
    bengler_test_helper (0.0.2)

GIT
  remote: git://github.com/origo/omniauth-origo.git
  revision: 0f0a9573ef17484cb50c1234d065a51ffda9f907
  specs:
    omniauth-origo (1.0.0)
      multi_json
      oauth
      omniauth (~> 1.0.0)
      omniauth-oauth2 (~> 1.0.0)

GIT
  remote: git://github.com/rack/rack.git
  revision: edc8b923fa4ea4e3c1ce8778f5ddbc89688bc01b
  specs:
    rack (1.4.1)

GIT
  remote: git@github.com:bengler/capistrano-bengler.git
  revision: 6ce5d3712bdd3d13c3530c9dae1ab4e7ab35cd8f
  specs:
    capistrano-bengler (0.0.16)
      capistrano (>= 2.9)
      capistrano-ext (>= 1.2.1)

GIT
  remote: git@github.com:bengler/omniauth-vanilla.git
  revision: 5fec39962e10d5ffffa87bba5ec227f4eb62fe51
  specs:
    omniauth-vanilla (0.0.4)
      multi_json
      oauth
      omniauth (>= 1.0.0)
      omniauth-oauth2 (>= 1.0.0)

GEM
  remote: http://rubygems.org/
  specs:
    activemodel (3.2.2)
      activesupport (= 3.2.2)
      builder (~> 3.0.0)
    activerecord (3.2.2)
      activemodel (= 3.2.2)
      activesupport (= 3.2.2)
      arel (~> 3.0.2)
      tzinfo (~> 0.3.29)
    activesupport (3.2.2)
      i18n (~> 0.6)
      multi_json (~> 1.0)
    addressable (2.2.8)
    arel (3.0.2)
    builder (3.0.0)
    capistrano (2.9.0)
      highline
      net-scp (>= 1.0.0)
      net-sftp (>= 2.0.0)
      net-ssh (>= 2.0.14)
      net-ssh-gateway (>= 1.1.0)
    capistrano-ext (1.2.1)
      capistrano (>= 1.0.0)
    crack (0.3.1)
    curb (0.8.0)
    dalli (1.1.5)
    deepstruct (0.0.1)
    diff-lcs (1.1.3)
    faraday (0.8.1)
      multipart-post (~> 1.1)
    futurevalue (0.0.2)
    hashie (1.2.0)
    highline (1.6.12)
    httpauth (0.1)
    i18n (0.6.0)
    kgio (2.7.3)
    mime-types (1.17.2)
    multi_json (1.3.6)
    multipart-post (1.1.5)
    net-scp (1.0.4)
      net-ssh (>= 1.99.1)
    net-sftp (2.0.5)
      net-ssh (>= 2.0.9)
    net-ssh (2.5.2)
    net-ssh-gateway (1.1.0)
      net-ssh (>= 1.99.1)
    nokogiri (1.5.2)
    oauth (0.4.6)
    oauth2 (0.6.1)
      faraday (~> 0.7)
      httpauth (~> 0.1)
      multi_json (~> 1.3)
    omniauth (1.0.3)
      hashie (~> 1.2)
      rack
    omniauth-facebook (1.2.0)
      omniauth-oauth2 (~> 1.0.0)
    omniauth-oauth2 (1.0.2)
      oauth2 (~> 0.6.0)
      omniauth (~> 1.0)
    pathbuilder (0.0.2)
    petroglyph (0.0.2)
      tilt
    pg (0.13.2)
    queryparams (0.0.3)
    rack-contrib (1.1.0)
      rack (>= 0.9.1)
    rack-protection (1.2.0)
      rack
    rack-test (0.6.1)
      rack (>= 1.0)
    raindrops (0.8.0)
    rake (0.9.2.2)
    rest-client (1.6.7)
      mime-types (>= 1.16)
    rspec (2.9.0)
      rspec-core (~> 2.9.0)
      rspec-expectations (~> 2.9.0)
      rspec-mocks (~> 2.9.0)
    rspec-core (2.9.0)
    rspec-expectations (2.9.0)
      diff-lcs (~> 1.1.3)
    rspec-mocks (2.9.0)
    simplecov (0.6.1)
      multi_json (~> 1.0)
      simplecov-html (~> 0.5.3)
    simplecov-html (0.5.3)
    simpleidn (0.0.4)
    sinatra (1.3.2)
      rack (~> 1.3, >= 1.3.6)
      rack-protection (~> 1.2)
      tilt (~> 1.3, >= 1.3.3)
    sinatra-activerecord (0.1.3)
      sinatra (>= 0.9.4)
    thor (0.14.6)
    tilt (1.3.3)
    timecop (0.3.5)
    tzinfo (0.3.32)
    unicorn (4.1.1)
      kgio (~> 2.4)
      rack
      raindrops (~> 0.6)
    vcr (1.11.3)
    webmock (1.8.3)
      addressable (>= 2.2.7)
      crack (>= 0.1.7)
    yajl-ruby (1.1.0)

PLATFORMS
  ruby

DEPENDENCIES
  activerecord
  activesupport
  bengler_test_helper!
  capistrano (~> 2.9.0)
  capistrano-bengler!
  dalli
  omniauth (~> 1.0.2)
  omniauth-contrib (~> 1.0.0)!
  omniauth-facebook (~> 1.2.0)
  omniauth-oauth (~> 1.0.0)!
  omniauth-origo (~> 1.0.0.rc3)!
  omniauth-twitter!
  omniauth-vanilla!
  pebblebed!
  petroglyph (~> 0.0.2)
  pg
  queryparams
  rack (~> 1.4)!
  rack-contrib
  rack-test
  rake
  rest-client
  rspec (~> 2.8)
  simplecov
  simpleidn (~> 0.0.4)
  sinatra
  sinatra-activerecord
  thor
  timecop
  unicorn (~> 4.1.1)
  vcr (~> 1.11)
  webmock
  yajl-ruby
