GIT
  remote: https://github.com/bengler/omniauth-vanilla.git
  revision: d4e0eeab050cfb52c2a0e4457e82aee50189a81e
  branch: omniauth1.2
  specs:
    omniauth-vanilla (0.0.9)
      multi_json
      omniauth-oauth2 (~> 1.2)

GIT
  remote: https://github.com/bengler/pebbles-cors.git
  revision: 91f57a06671c1c3a15e50a5c8332f9699dc9bdba
  specs:
    pebbles-cors (0.2.3)
      dalli
      pebblebed
      rack

GIT
  remote: https://github.com/rkh/rack-protection.git
  revision: f8d8ee2eb72f707d17b07c48bc55a8906978ea5d
  specs:
    rack-protection (1.5.3)
      rack

GEM
  remote: https://rubygems.org/
  specs:
    activemodel (4.2.5)
      activesupport (= 4.2.5)
      builder (~> 3.1)
    activerecord (4.2.5)
      activemodel (= 4.2.5)
      activesupport (= 4.2.5)
      arel (~> 6.0)
    activesupport (4.2.5)
      i18n (~> 0.7)
      json (~> 1.7, >= 1.7.7)
      minitest (~> 5.1)
      thread_safe (~> 0.3, >= 0.3.4)
      tzinfo (~> 1.1)
    addressable (2.3.8)
    airbrake (3.1.17)
      builder
      multi_json
    amq-protocol (2.0.0)
    ar-tsvectors (1.0.0)
      activerecord (>= 3.0)
    arel (6.0.3)
    backports (3.6.6)
    builder (3.2.2)
    bunny (2.2.0)
      amq-protocol (>= 2.0.0)
    crack (0.4.2)
      safe_yaml (~> 1.0.0)
    curb (0.8.8)
    dalli (2.1.0)
    deepstruct (0.0.7)
    diff-lcs (1.2.5)
    docile (1.1.5)
    domain_name (0.5.25)
      unf (>= 0.0.5, < 1.0.0)
    evernote-thrift (1.25.1)
    faraday (0.9.2)
      multipart-post (>= 1.2, < 3)
    futurevalue (0.0.2)
    git-version-bump (0.15.1)
    hashie (3.5.6)
    http-cookie (1.0.2)
      domain_name (~> 0.5)
    i18n (0.7.0)
    json (1.8.3)
    jwt (1.5.1)
    kgio (2.10.0)
    memcache_mock (0.0.14)
    mime-types (2.6.2)
    mini_portile (0.6.2)
    minitest (5.8.2)
    multi_json (1.11.2)
    multi_xml (0.5.5)
    multipart-post (2.0.0)
    netrc (0.10.3)
    nokogiri (1.6.6.2)
      mini_portile (~> 0.6.0)
    oauth (0.4.7)
    oauth2 (1.0.0)
      faraday (>= 0.8, < 0.10)
      jwt (~> 1.0)
      multi_json (~> 1.3)
      multi_xml (~> 0.5)
      rack (~> 1.2)
    omniauth (1.7.1)
      hashie (>= 3.4.6, < 3.6.0)
      rack (>= 1.6.2, < 3)
    omniauth-aid (2.0.6)
      omniauth-oauth2 (~> 1.3.1)
    omniauth-evernote (1.2.1)
      evernote-thrift
      multi_json (~> 1.0)
      omniauth-oauth (~> 1.0)
    omniauth-facebook (4.0.0)
      omniauth-oauth2 (~> 1.2)
    omniauth-google-oauth2 (0.2.8)
      addressable (~> 2.3)
      jwt (~> 1.0)
      multi_json (~> 1.3)
      omniauth (>= 1.1.1)
      omniauth-oauth2 (>= 1.1.1)
    omniauth-oauth (1.1.0)
      oauth
      omniauth (~> 1.0)
    omniauth-oauth2 (1.3.1)
      oauth2 (~> 1.0)
      omniauth (~> 1.2)
    omniauth-origo (1.2.0)
      multi_json
      omniauth-oauth2 (~> 1.2)
    omniauth-twitter (1.2.1)
      json (~> 1.3)
      omniauth-oauth (~> 1.1)
    pathbuilder (0.0.2)
    pebblebed (0.3.8)
      activesupport
      bunny
      curb (>= 0.8.4)
      deepstruct (>= 0.0.4)
      futurevalue
      nokogiri
      pathbuilder
      queryparams
      yajl-ruby
    pebbles-path (0.0.3)
      pebbles-uid (>= 0.0.6)
    pebbles-uid (0.0.22)
    petroglyph (0.0.7)
      tilt
    pg (0.18.3)
    queryparams (0.0.3)
    rack (1.6.8)
    rack-contrib (1.4.0)
      git-version-bump (~> 0.15)
      rack (~> 1.4)
    rack-test (0.6.3)
      rack (>= 1.0)
    rails-observers (0.1.2)
      activemodel (~> 4.0)
    raindrops (0.15.0)
    rake (10.4.2)
    rest-client (1.8.0)
      http-cookie (>= 1.0.2, < 2.0)
      mime-types (>= 1.16, < 3.0)
      netrc (~> 0.7)
    rspec (2.99.0)
      rspec-core (~> 2.99.0)
      rspec-expectations (~> 2.99.0)
      rspec-mocks (~> 2.99.0)
    rspec-core (2.99.2)
    rspec-expectations (2.99.2)
      diff-lcs (>= 1.1.3, < 2.0)
    rspec-mocks (2.99.4)
    safe_yaml (1.0.4)
    simplecov (0.10.0)
      docile (~> 1.1.0)
      json (~> 1.8)
      simplecov-html (~> 0.10.0)
    simplecov-html (0.10.0)
    simpleidn (0.0.5)
    sinatra (1.4.6)
      rack (~> 1.4)
      rack-protection (~> 1.4)
      tilt (>= 1.3, < 3)
    sinatra-activerecord (2.0.9)
      activerecord (>= 3.2)
      sinatra (~> 1.0)
    sinatra-contrib (1.4.6)
      backports (>= 2.0)
      multi_json
      rack-protection
      rack-test
      sinatra (~> 1.4.0)
      tilt (>= 1.3, < 3)
    thor (0.19.1)
    thread_safe (0.3.5)
    tilt (2.0.1)
    timecop (0.3.5)
    tzinfo (1.2.2)
      thread_safe (~> 0.1)
    unf (0.1.4)
      unf_ext
    unf_ext (0.0.7.1)
    unicorn (4.9.0)
      kgio (~> 2.6)
      rack
      raindrops (~> 0.7)
    vcr (2.9.3)
    webmock (1.8.11)
      addressable (>= 2.2.7)
      crack (>= 0.1.7)
    yajl-ruby (1.2.1)

PLATFORMS
  ruby

DEPENDENCIES
  activerecord (~> 4.2.5)
  activesupport (~> 4.2.5)
  addressable
  airbrake (~> 3.1.4)
  ar-tsvectors (~> 1.0)
  curb (>= 0.8.8)
  dalli (~> 2.1.0)
  memcache_mock
  omniauth (~> 1.7.1)
  omniauth-aid
  omniauth-evernote
  omniauth-facebook (~> 4.0.0)
  omniauth-google-oauth2
  omniauth-oauth
  omniauth-oauth2 (~> 1.3.1)
  omniauth-origo
  omniauth-twitter
  omniauth-vanilla!
  pebblebed (>= 0.2.0)
  pebbles-cors!
  pebbles-path (>= 0.0.3)
  pebbles-uid
  petroglyph
  pg (~> 0.17)
  queryparams
  rack-contrib
  rack-protection!
  rack-test
  rails-observers (~> 0.1)
  rake
  rest-client
  rspec (~> 2.8)
  simplecov
  simpleidn (~> 0.0.4)
  sinatra
  sinatra-activerecord (~> 2.0)
  sinatra-contrib
  thor
  timecop (~> 0.3.5)
  unicorn
  vcr
  webmock (~> 1.8.11)
  yajl-ruby

BUNDLED WITH
   1.13.2
