GIT
  remote: git://github.com/bengler/pebbles-cors.git
  revision: 869d6b6540577b8f598dac9263b82c783513243c
  specs:
    pebbles-cors (0.2.2)
      dalli
      pebblebed
      rack

GIT
  remote: git://github.com/rkh/rack-protection.git
  revision: 6d953d2379be3eb0576d5e1e1d6abbb74bd9c745
  specs:
    rack-protection (1.5.2)
      rack

GEM
  remote: https://rubygems.org/
  specs:
    activemodel (4.2.4)
      activesupport (= 4.2.4)
      builder (~> 3.1)
    activerecord (4.2.4)
      activemodel (= 4.2.4)
      activesupport (= 4.2.4)
      arel (~> 6.0)
    activesupport (4.2.4)
      i18n (~> 0.7)
      json (~> 1.7, >= 1.7.7)
      minitest (~> 5.1)
      thread_safe (~> 0.3, >= 0.3.4)
      tzinfo (~> 1.1)
    addressable (2.3.5)
    airbrake (3.1.14)
      builder
      json
    amq-protocol (1.9.2)
    ar-tsvectors (1.0.0)
      activerecord (>= 3.0)
    arel (6.0.3)
    backports (3.3.4)
    builder (3.2.2)
    bunny (1.3.1)
      amq-protocol (>= 1.9.2)
    crack (0.4.1)
      safe_yaml (~> 0.9.0)
    curb (0.8.8)
    dalli (2.1.0)
    deepstruct (0.0.7)
    diff-lcs (1.2.4)
    evernote-thrift (1.25.0)
    faraday (0.9.2)
      multipart-post (>= 1.2, < 3)
    futurevalue (0.0.2)
    hashie (3.4.2)
    httpauth (0.2.1)
    i18n (0.7.0)
    json (1.8.1)
    jwt (0.1.13)
      multi_json (>= 1.5)
    kgio (2.9.2)
    memcache_mock (0.0.13)
    mime-types (1.25)
    mini_portile (0.6.0)
    minitest (5.8.1)
    multi_json (1.11.2)
    multipart-post (2.0.0)
    nokogiri (1.6.2.1)
      mini_portile (= 0.6.0)
    oauth (0.4.7)
    oauth2 (0.8.1)
      faraday (~> 0.8)
      httpauth (~> 0.1)
      jwt (~> 0.1.4)
      multi_json (~> 1.0)
      rack (~> 1.2)
    omniauth (1.2.2)
      hashie (>= 1.2, < 4)
      rack (~> 1.0)
    omniauth-evernote (1.2.0)
      evernote-thrift
      multi_json (~> 1.0)
      omniauth-oauth (~> 1.0)
    omniauth-facebook (1.6.0)
      omniauth-oauth2 (~> 1.1)
    omniauth-google-oauth2 (0.1.19)
      omniauth (~> 1.0)
      omniauth-oauth2
    omniauth-oauth (1.1.0)
      oauth
      omniauth (~> 1.0)
    omniauth-oauth2 (1.1.1)
      oauth2 (~> 0.8.0)
      omniauth (~> 1.0)
    omniauth-twitter (1.2.1)
      json (~> 1.3)
      omniauth-oauth (~> 1.1)
    pathbuilder (0.0.2)
    pebblebed (0.2.1)
      activesupport
      bunny (~> 1.3.1)
      curb (>= 0.8.4)
      deepstruct (>= 0.0.4)
      futurevalue
      nokogiri
      pathbuilder
      queryparams
      yajl-ruby
    pebbles-path (0.0.3)
      pebbles-uid (>= 0.0.6)
    pebbles-uid (0.0.16)
    petroglyph (0.0.7)
      tilt
    pg (0.17.0)
    queryparams (0.0.3)
    rack (1.6.4)
    rack-contrib (1.1.0)
      rack (>= 0.9.1)
    rack-test (0.6.2)
      rack (>= 1.0)
    rails-observers (0.1.2)
      activemodel (~> 4.0)
    raindrops (0.13.0)
    rake (10.1.0)
    rest-client (1.6.7)
      mime-types (>= 1.16)
    rspec (2.14.1)
      rspec-core (~> 2.14.0)
      rspec-expectations (~> 2.14.0)
      rspec-mocks (~> 2.14.0)
    rspec-core (2.14.6)
    rspec-expectations (2.14.3)
      diff-lcs (>= 1.1.3, < 2.0)
    rspec-mocks (2.14.4)
    safe_yaml (0.9.7)
    simplecov (0.7.1)
      multi_json (~> 1.0)
      simplecov-html (~> 0.7.1)
    simplecov-html (0.7.1)
    simpleidn (0.0.4)
    sinatra (1.4.4)
      rack (~> 1.4)
      rack-protection (~> 1.4)
      tilt (~> 1.3, >= 1.3.4)
    sinatra-activerecord (2.0.2)
      activerecord (>= 3.2)
      sinatra (~> 1.0)
    sinatra-contrib (1.4.1)
      backports (>= 2.0)
      multi_json
      rack-protection
      rack-test
      sinatra (~> 1.4.0)
      tilt (~> 1.3)
    thor (0.18.1)
    thread_safe (0.3.5)
    tilt (1.4.1)
    timecop (0.3.5)
    tzinfo (1.2.2)
      thread_safe (~> 0.1)
    unicorn (4.8.3)
      kgio (~> 2.6)
      rack
      raindrops (~> 0.7)
    vcr (2.6.0)
    webmock (1.8.11)
      addressable (>= 2.2.7)
      crack (>= 0.1.7)
    yajl-ruby (1.2.1)

PLATFORMS
  ruby

DEPENDENCIES
  activerecord (~> 4.2)
  activesupport (~> 4.2)
  airbrake (~> 3.1.4)
  ar-tsvectors (~> 1.0)
  curb (>= 0.8.8)
  dalli (~> 2.1.0)
  memcache_mock
  omniauth (~> 1.2.2)
  omniauth-evernote
  omniauth-facebook
  omniauth-google-oauth2
  omniauth-oauth
  omniauth-oauth2
  omniauth-twitter
  pebblebed (>= 0.2.0)
  pebbles-cors!
  pebbles-path (>= 0.0.3)
  pebbles-uid
  petroglyph
  pg (~> 0.17)
  queryparams
  rack-contrib
  rack-protection!
  rack-test
  rails-observers (~> 0.1)
  rake
  rest-client
  rspec (~> 2.8)
  simplecov
  simpleidn (~> 0.0.4)
  sinatra
  sinatra-activerecord (~> 2.0)
  sinatra-contrib
  thor
  timecop (~> 0.3.5)
  unicorn
  vcr
  webmock (~> 1.8.11)
  yajl-ruby
